GEM
  remote: https://rubygems.org/
  specs:
    diff-lcs (1.4.4)
    power_assert (1.1.7)
    rspec (3.10.0)
      rspec-core (~> 3.10.0)
      rspec-expectations (~> 3.10.0)
      rspec-mocks (~> 3.10.0)
    rspec-core (3.10.1)
      rspec-support (~> 3.10.0)
    rspec-expectations (3.10.1)
      diff-lcs (>= 1.2.0, < 2.0)
      rspec-support (~> 3.10.0)
    rspec-mocks (3.10.2)
      diff-lcs (>= 1.2.0, < 2.0)
      rspec-support (~> 3.10.0)
    rspec-support (3.10.2)
    test-unit (3.3.4)
      power_assert

PLATFORMS
  x64-mingw32

DEPENDENCIES
  rspec

BUNDLED WITH
   2.1.4
